GEM
  remote: http://rubygems.org/
  specs:
    chunky_png (1.2.8)
    compass (0.12.2)
      chunky_png (~> 1.2)
      fssm (>= 0.2.7)
      sass (~> 3.1)
    compass-placeholder (0.0.2)
      compass (>= 0.11)
    fssm (0.2.10)
    sass (3.2.10)
    sass-globbing (1.1.0)
      sass (>= 3.1)
    spens (0.1)
      compass (>= 0.11)
    zurb-foundation (4.3.1)
      sass (>= 3.2.0)

PLATFORMS
  ruby

DEPENDENCIES
  compass-placeholder
  sass-globbing
  spens
  zurb-foundation
